GEM
  remote: https://rubygems.org/
  specs:
    byebug (10.0.2)
    dotenv (2.4.0)
    faraday (0.8.11)
      multipart-post (~> 1.2.0)
    faraday-detailed_logger (2.1.2)
      faraday (~> 0.8)
    mini_portile2 (2.3.0)
    multipart-post (1.2.0)
    nokogiri (1.8.2)
      mini_portile2 (~> 2.3.0)

PLATFORMS
  ruby

DEPENDENCIES
  byebug
  dotenv
  faraday (~> 0.8.0)
  faraday-detailed_logger
  nokogiri

BUNDLED WITH
   1.16.1
